GEM
  remote: https://rubygems.org/
  specs:
    benchmark-ips (2.12.0)
    liquid (5.4.0)

PLATFORMS
  arm64-darwin-22

DEPENDENCIES
  benchmark-ips
  liquid

BUNDLED WITH
   2.4.6
